PATH
  remote: .
  specs:
    lipisha-sdk (1.0)

GEM
  remote: https://rubygems.org/
  specs:
    power_assert (0.2.6)
    rake (10.4.2)
    test-unit (3.1.5)
      power_assert

PLATFORMS
  ruby

DEPENDENCIES
  bundler (~> 1.3)
  lipisha-sdk!
  rake
  test-unit

BUNDLED WITH
   1.10.6
